GEM
  remote: https://rubygems.org/
  specs:
    chunky_png (1.3.8)
    coderay (1.1.1)
    method_source (0.8.2)
    pry (0.10.4)
      coderay (~> 1.1.0)
      method_source (~> 0.8.1)
      slop (~> 3.4)
    slop (3.6.0)

PLATFORMS
  ruby

DEPENDENCIES
  chunky_png
  pry

BUNDLED WITH
   1.12.5
